GIT
  remote: https://github.com/pote/planet.rb.git
  revision: 814533a0258cf6c14bb854bfbb77d7d5e7cee87d
  specs:
    planet (0.5.3)
      box
      feedjira
      gli
      mustache
      stringex

GEM
  remote: https://rubygems.org/
  specs:
    blankslate (2.1.2.4)
    box (0.1.1)
    celluloid (0.15.2)
      timers (~> 1.1.0)
    classifier (1.3.4)
      fast-stemmer (>= 1.0.0)
    coffee-script (2.2.0)
      coffee-script-source
      execjs
    coffee-script-source (1.7.0)
    colorator (0.1)
    curb (0.8.5)
    execjs (2.1.0)
    fast-stemmer (1.0.2)
    feedjira (1.3.0)
      curb (~> 0.8.1)
      loofah (~> 2.0.0)
      sax-machine (~> 0.2.1)
    ffi (1.9.3)
    gli (2.10.0)
    jekyll (2.0.3)
      classifier (~> 1.3)
      colorator (~> 0.1)
      jekyll-coffeescript (~> 1.0)
      jekyll-sass-converter (~> 1.0)
      kramdown (~> 1.3)
      liquid (~> 2.5.5)
      listen (~> 2.5)
      mercenary (~> 0.3.3)
      pygments.rb (~> 0.5.0)
      redcarpet (~> 3.1)
      safe_yaml (~> 1.0)
      toml (~> 0.1.0)
    jekyll-coffeescript (1.0.0)
      coffee-script (~> 2.2)
    jekyll-sass-converter (1.0.0)
      sass (~> 3.2)
    kramdown (1.3.3)
    liquid (2.5.5)
    listen (2.7.5)
      celluloid (>= 0.15.2)
      rb-fsevent (>= 0.9.3)
      rb-inotify (>= 0.9)
    loofah (2.0.0)
      nokogiri (>= 1.5.9)
    mercenary (0.3.3)
    mini_portile (0.6.0)
    mustache (0.99.5)
    nokogiri (1.6.2.1)
      mini_portile (= 0.6.0)
    parslet (1.5.0)
      blankslate (~> 2.0)
    posix-spawn (0.3.8)
    pygments.rb (0.5.4)
      posix-spawn (~> 0.3.6)
      yajl-ruby (~> 1.1.0)
    rb-fsevent (0.9.4)
    rb-inotify (0.9.4)
      ffi (>= 0.5.0)
    redcarpet (3.1.2)
    safe_yaml (1.0.3)
    sass (3.3.7)
    sax-machine (0.2.1)
      nokogiri (~> 1.6.0)
    stringex (2.5.2)
    timers (1.1.0)
    toml (0.1.1)
      parslet (~> 1.5.0)
    yajl-ruby (1.1.0)

PLATFORMS
  ruby

DEPENDENCIES
  jekyll (~> 2.0.3)
  kramdown (~> 1.3.3)
  nokogiri
  planet!
